GEM
  remote: http://rubygems.org/
  specs:
    ParseTree (3.0.7)
      RubyInline (>= 3.7.0)
      sexp_processor (>= 3.0.0)
    RubyInline (3.9.0)
      ZenTest (~> 4.3)
    ZenTest (4.5.0)
    addressable (2.2.6)
    bcrypt-ruby (2.1.4)
    bitly (0.6.1)
      crack (>= 0.1.4)
      httparty (>= 0.5.2)
      oauth2 (>= 0.1.1)
    crack (0.1.8)
    data_objects (0.10.5)
      addressable (~> 2.1)
    datamapper (1.1.0)
      dm-aggregates (= 1.1.0)
      dm-constraints (= 1.1.0)
      dm-core (= 1.1.0)
      dm-migrations (= 1.1.0)
      dm-serializer (= 1.1.0)
      dm-timestamps (= 1.1.0)
      dm-transactions (= 1.1.0)
      dm-types (= 1.1.0)
      dm-validations (= 1.1.0)
    diff-lcs (1.1.2)
    dm-adjust (1.1.0)
      dm-core (~> 1.1.0)
    dm-aggregates (1.1.0)
      dm-core (~> 1.1.0)
    dm-constraints (1.1.0)
      dm-core (~> 1.1.0)
    dm-core (1.1.0)
      addressable (~> 2.2.4)
    dm-do-adapter (1.1.0)
      data_objects (~> 0.10.2)
      dm-core (~> 1.1.0)
    dm-is-list (1.1.0)
      dm-adjust (~> 1.1.0)
    dm-is-tree (1.1.0)
      dm-core (~> 1.1.0)
    dm-migrations (1.1.0)
      dm-core (~> 1.1.0)
    dm-postgres-adapter (1.1.0)
      dm-do-adapter (~> 1.1.0)
      do_postgres (~> 0.10.2)
    dm-serializer (1.1.0)
      dm-core (~> 1.1.0)
      fastercsv (~> 1.5.4)
      json (~> 1.4.6)
    dm-sqlite-adapter (1.1.0)
      dm-do-adapter (~> 1.1.0)
      do_sqlite3 (~> 0.10.2)
    dm-sweatshop (1.1.0)
      ParseTree (~> 3.0.7)
      dm-core (~> 1.1.0)
      randexp (~> 0.1.5)
    dm-timestamps (1.1.0)
      dm-core (~> 1.1.0)
    dm-transactions (1.1.0)
      dm-core (~> 1.1.0)
    dm-types (1.1.0)
      bcrypt-ruby (~> 2.1.4)
      dm-core (~> 1.1.0)
      fastercsv (~> 1.5.4)
      json (~> 1.4.6)
      stringex (~> 1.2.0)
      uuidtools (~> 2.1.2)
    dm-validations (1.1.0)
      dm-core (~> 1.1.0)
    do_postgres (0.10.5)
      data_objects (= 0.10.5)
    do_sqlite3 (0.10.5)
      data_objects (= 0.10.5)
    faraday (0.6.1)
      addressable (~> 2.2.4)
      multipart-post (~> 1.1.0)
      rack (< 2, >= 1.1.0)
    fastercsv (1.5.4)
    haml (3.1.1)
    httparty (0.7.7)
      crack (= 0.1.8)
    json (1.4.6)
    json_pure (1.5.1)
    multi_json (1.0.2)
    multipart-post (1.1.1)
    oauth (0.4.4)
    oauth2 (0.4.1)
      faraday (~> 0.6.1)
      multi_json (>= 0.0.5)
    rack (1.2.2)
    rack-test (0.6.0)
      rack (>= 1.0)
    randexp (0.1.5)
      ParseTree
    rspec (2.6.0)
      rspec-core (~> 2.6.0)
      rspec-expectations (~> 2.6.0)
      rspec-mocks (~> 2.6.0)
    rspec-core (2.6.0)
    rspec-expectations (2.6.0)
      diff-lcs (~> 1.1.2)
    rspec-mocks (2.6.0)
    sass (3.1.1)
    sexp_processor (3.0.5)
    simplegeo (0.5.1)
      json_pure
      oauth (>= 0.4.0)
    sinatra (1.2.6)
      rack (~> 1.1)
      tilt (< 2.0, >= 1.2.2)
    sqlite3 (1.3.3)
    stringex (1.2.1)
    tilt (1.3)
    uuidtools (2.1.2)

PLATFORMS
  ruby

DEPENDENCIES
  bitly
  datamapper
  dm-core
  dm-is-list
  dm-is-tree
  dm-migrations
  dm-postgres-adapter
  dm-serializer
  dm-sqlite-adapter
  dm-sweatshop
  dm-timestamps
  dm-validations
  haml
  json
  rack-test
  rspec
  sass
  simplegeo
  sinatra
  sqlite3
